GEM
  remote: https://rubygems.org/
  specs:
    daemons (1.2.3)
    em-hiredis (0.2.1)
      hiredis (~> 0.4.0)
    em-synchrony (1.0.4)
      eventmachine (>= 1.0.0.beta.1)
    eventmachine (1.0.8)
    faye-websocket (0.10.1)
      eventmachine (>= 0.12.0)
      websocket-driver (>= 0.5.1)
    foreman (0.78.0)
      thor (~> 0.19.1)
    hiredis (0.4.5)
    rack (1.6.4)
    rack-protection (1.5.3)
      rack
    redis (3.0.7)
    sinatra (1.4.6)
      rack (~> 1.4)
      rack-protection (~> 1.4)
      tilt (>= 1.3, < 3)
    thin (1.6.4)
      daemons (~> 1.0, >= 1.0.9)
      eventmachine (~> 1.0, >= 1.0.4)
      rack (~> 1.0)
    thor (0.19.1)
    tilt (2.0.1)
    websocket-driver (0.6.3)
      websocket-extensions (>= 0.1.0)
    websocket-extensions (0.1.2)

PLATFORMS
  ruby

DEPENDENCIES
  em-hiredis
  em-synchrony
  eventmachine
  faye-websocket
  foreman
  hiredis (~> 0.4.5)
  redis (~> 3.0.1)
  sinatra
  thin

BUNDLED WITH
   1.10.6
